GEM
  remote: http://rubygems.org/
  specs:
    activemodel (3.2.6)
      activesupport (= 3.2.6)
      builder (~> 3.0.0)
    activeresource (3.2.6)
      activemodel (= 3.2.6)
      activesupport (= 3.2.6)
    activesupport (3.2.6)
      i18n (~> 0.6)
      multi_json (~> 1.0)
    builder (3.0.0)
    chargify_api_ares (0.5.2)
      activeresource (>= 2.3.5)
    faker (1.0.1)
      i18n (~> 0.4)
    i18n (0.6.0)
    multi_json (1.3.6)

PLATFORMS
  ruby

DEPENDENCIES
  chargify_api_ares
  faker
